PATH
  remote: .
  specs:
    snakersize (0.0.1)

GEM
  remote: https://rubygems.org/
  specs:
    metaclass (0.0.4)
    minitest (5.4.0)
    mocha (1.1.0)
      metaclass (~> 0.0.1)
    rake (10.3.2)

PLATFORMS
  ruby

DEPENDENCIES
  bundler (~> 1.6)
  minitest
  mocha
  rake
  snakersize!
